GEM
  remote: https://rubygems.org/
  specs:
    bgg-api (0.0.2)
      httparty
      xml-simple
    compass_rose (0.1.3)
    eventmachine (1.0.8)
    faraday (0.9.1)
      multipart-post (>= 1.2, < 3)
    faye-websocket (0.10.0)
      eventmachine (>= 0.12.0)
      websocket-driver (>= 0.5.1)
    forecast_io (2.0.0)
      faraday
      hashie
      multi_json
    geocoder (1.2.9)
    hashie (3.4.2)
    http_router (0.11.2)
      rack (>= 1.0.0)
      url_mount (~> 0.2.1)
    httparty (0.13.5)
      json (~> 1.8)
      multi_xml (>= 0.5.2)
    i18n (0.7.0)
    ice_nine (0.11.1)
    json (1.8.3)
    lita (4.4.3)
      bundler (>= 1.3)
      faraday (>= 0.8.7)
      http_router (>= 0.11.1)
      i18n (>= 0.6.9)
      ice_nine (>= 0.11.0)
      multi_json (>= 1.7.7)
      puma (>= 2.7.1)
      rack (>= 1.5.2)
      rb-readline (>= 0.5.1)
      redis-namespace (>= 1.3.0)
      thor (>= 0.18.1)
    lita-applause (0.0.2)
      lita (>= 4.0)
    lita-boardgamegeek (0.1.1)
      bgg-api (= 0.0.2)
      lita (>= 4.3)
    lita-catfacts (0.0.4)
      lita (>= 2.3)
    lita-catgif (0.0.2)
      lita (>= 2.6)
    lita-excuses (0.0.6)
      lita (>= 2.2)
      nokogiri
    lita-forecast (0.1.7)
      compass_rose (~> 0.1.0)
      forecast_io (~> 2.0.0)
      geocoder (~> 1.1, >= 1.1.9)
      hashie (~> 3.0)
      lita (>= 3.0.0)
    lita-greet (0.1.0)
      lita (>= 4.4)
    lita-nerf-war (0.1.5)
      lita (>= 4.3)
    lita-netping (0.5.0)
      lita (>= 4.0)
      net-ping
    lita-pls (0.0.3)
      lita (>= 2.6)
    lita-poll (1.0.2)
      lita (>= 4.2.1)
    lita-poop (1.0.2)
      lita (>= 2.0)
    lita-random (0.5.1)
      lita (~> 4.4)
    lita-remember (0.0.2)
      lita (>= 4.3)
    lita-shipit (0.1.0)
      lita (>= 4.0)
    lita-slack (1.5.0)
      eventmachine
      faraday
      faye-websocket (>= 0.8.0)
      lita (>= 4.4.2)
      multi_json
    lita-starbucks (0.1.2)
      lita (>= 4.3)
    mini_portile (0.6.2)
    multi_json (1.11.2)
    multi_xml (0.5.5)
    multipart-post (2.0.0)
    net-ping (1.7.7)
    nokogiri (1.6.6.2)
      mini_portile (~> 0.6.0)
    puma (2.13.4)
    rack (1.6.4)
    rb-readline (0.5.3)
    redis (3.2.1)
    redis-namespace (1.5.2)
      redis (~> 3.0, >= 3.0.4)
    thor (0.19.1)
    url_mount (0.2.1)
      rack
    websocket-driver (0.6.2)
      websocket-extensions (>= 0.1.0)
    websocket-extensions (0.1.2)
    xml-simple (1.1.5)

PLATFORMS
  ruby

DEPENDENCIES
  lita
  lita-applause
  lita-boardgamegeek
  lita-catfacts
  lita-catgif
  lita-excuses
  lita-forecast
  lita-greet
  lita-nerf-war
  lita-netping
  lita-pls
  lita-poll
  lita-poop
  lita-random (~> 0.5.1)
  lita-remember
  lita-shipit
  lita-slack
  lita-starbucks

BUNDLED WITH
   1.10.6
